PATH
  remote: .
  specs:
    parker (0.2.2)
      optimist (~> 3.0)

GEM
  remote: https://rubygems.org/
  specs:
    optimist (3.0.0)

PLATFORMS
  ruby

DEPENDENCIES
  parker!

RUBY VERSION
   ruby 2.4.3p205

BUNDLED WITH
   1.16.6
